GEM
  remote: http://rubygems.org/
  specs:
    RedCloth (4.2.8)
    chunky_png (1.2.4)
    compass (0.11.5)
      chunky_png (~> 1.2)
      fssm (>= 0.2.7)
      sass (~> 3.1)
    cri (2.0.2)
    fssm (0.2.7)
    haml (3.1.3)
    nanoc (3.2.2)
      nanoc3 (>= 3.2.2)
    nanoc3 (3.2.2)
      cri (~> 2.0)
    sass (3.1.7)

PLATFORMS
  ruby

DEPENDENCIES
  RedCloth
  compass
  fssm
  haml
  nanoc
